PATH
  remote: .
  specs:
    strangler (1.0.6)

GEM
  remote: https://rubygems.org/
  specs:
    minitest (5.11.1)
    rake (13.0.1)

PLATFORMS
  ruby

DEPENDENCIES
  bundler (~> 2.0)
  minitest (~> 5.0)
  rake (~> 13.0)
  strangler!

BUNDLED WITH
   2.1.2
