PATH
  remote: .
  specs:
    strangler (1.0.5)

GEM
  remote: https://rubygems.org/
  specs:
    minitest (5.11.1)
    rake (13.0.1)

PLATFORMS
  ruby

DEPENDENCIES
  bundler (~> 1.16)
  minitest (~> 5.0)
  rake (~> 13.0)
  strangler!

BUNDLED WITH
   1.16.1
